GEM
  remote: https://rubygems.org/
  specs:
    amq-protocol (1.9.2)
    barrister (0.1.1)
      json (>= 1.5.0)
    bunny (2.0.0)
      amq-protocol (>= 1.9.2)
    cool.io (1.2.4)
    json (1.8.3)
    msgpack (0.5.12)
    msgpack-rpc (0.5.3)
      cool.io (~> 1.2.4)
      msgpack (~> 0.5.10)
    rack (1.6.4)
    rack-protection (1.5.3)
      rack
    redis (3.2.1)
    sinatra (1.4.6)
      rack (~> 1.4)
      rack-protection (~> 1.4)
      tilt (>= 1.3, < 3)
    tilt (2.0.1)

PLATFORMS
  ruby

DEPENDENCIES
  barrister
  bunny
  json
  msgpack-rpc
  redis
  sinatra

BUNDLED WITH
   1.10.6
