GEM
  remote: https://rubygems.org/
  specs:
    amq-protocol (1.9.2)
    bunny (2.0.0)
      amq-protocol (>= 1.9.2)
    json (1.8.3)

PLATFORMS
  ruby

DEPENDENCIES
  bunny
  json

BUNDLED WITH
   1.10.6
