GEM
  remote: https://rubygems.org/
  specs:
    json (1.8.3)
    redis (3.2.1)

PLATFORMS
  ruby

DEPENDENCIES
  json
  redis

BUNDLED WITH
   1.10.6
